GEM
  remote: http://rubygems.org/
  specs:
    activesupport (3.2.8)
      i18n (~> 0.6)
      multi_json (~> 1.0)
    chronic (0.6.7)
    i18n (0.6.1)
    json (1.7.5)
    multi_json (1.3.6)
    rdoc (3.12)
      json (~> 1.4)
    sdoc_local_editor (0.3.17)
      json (>= 1.1.3)
      rdoc (~> 3.10)
    whenever (0.7.3)
      activesupport (>= 2.3.4)
      chronic (~> 0.6.3)

PLATFORMS
  ruby

DEPENDENCIES
  sdoc_local_editor
  whenever
