GIT
  remote: git://github.com/ndbroadbent/sdoc.git
  revision: 2848654697ee045f1056e12bd3440779e21533c1
  branch: local_editor
  specs:
    sdoc (0.3.17)
      json (>= 1.1.3)
      rdoc (~> 3.10)

GEM
  remote: http://rubygems.org/
  specs:
    activesupport (3.2.8)
      i18n (~> 0.6)
      multi_json (~> 1.0)
    chronic (0.6.7)
    i18n (0.6.1)
    json (1.7.5)
    multi_json (1.3.6)
    rdoc (3.12)
      json (~> 1.4)
    whenever (0.7.3)
      activesupport (>= 2.3.4)
      chronic (~> 0.6.3)

PLATFORMS
  ruby

DEPENDENCIES
  sdoc!
  whenever
